GEM
  remote: https://rubygems.org/
  specs:
    eventmachine (1.0.3)
    faraday (0.8.9)
      multipart-post (~> 1.2.0)
    json (1.8.1)
    mime-types (2.2)
    multipart-post (1.2.0)
    rest-client (1.6.7)
      mime-types (>= 1.16)
    slack-notify (0.2.0)
      faraday (< 0.9.0)
      json (~> 1.8)

PLATFORMS
  ruby

DEPENDENCIES
  eventmachine
  json
  rest-client
  slack-notify
