GEM
  remote: https://rubygems.org/
  specs:
    addressable (2.3.6)
    cookiejar (0.3.2)
    em-http-request (1.1.2)
      addressable (>= 2.3.4)
      cookiejar
      em-socksify (>= 0.3)
      eventmachine (>= 1.0.3)
      http_parser.rb (>= 0.6.0)
    em-socksify (0.3.0)
      eventmachine (>= 1.0.0.beta.4)
    eventmachine (1.0.3)
    faraday (0.8.9)
      multipart-post (~> 1.2.0)
    http_parser.rb (0.6.0)
    json (1.8.1)
    mime-types (2.2)
    multipart-post (1.2.0)
    rest-client (1.6.7)
      mime-types (>= 1.16)
    slack-notify (0.2.0)
      faraday (< 0.9.0)
      json (~> 1.8)
    when (0.1.0)

PLATFORMS
  ruby

DEPENDENCIES
  em-http-request
  eventmachine
  json
  rest-client
  slack-notify
  when
